GEM
  remote: http://rubygems.org/
  specs:
    coffee-script (2.2.0)
      coffee-script-source
      execjs
    coffee-script-source (1.3.3)
    daemons (1.1.9)
    diff-lcs (1.1.3)
    eventmachine (0.12.10)
    execjs (1.4.0)
      multi_json (~> 1.0)
    ffi (1.0.11)
    growl (1.0.3)
    guard (1.3.2)
      listen (>= 0.4.2)
      thor (>= 0.14.6)
    guard-rspec (1.1.0)
      guard (>= 1.1)
    haml (3.1.6)
    json (1.7.5)
    listen (0.4.7)
      rb-fchange (~> 0.0.5)
      rb-fsevent (~> 0.9.1)
      rb-inotify (~> 0.8.8)
    multi_json (1.3.6)
    rack (1.4.1)
    rake (0.9.2.2)
    rb-fchange (0.0.5)
      ffi
    rb-fsevent (0.9.1)
    rb-inotify (0.8.8)
      ffi (>= 0.5.0)
    rspec (2.10.0)
      rspec-core (~> 2.10.0)
      rspec-expectations (~> 2.10.0)
      rspec-mocks (~> 2.10.0)
    rspec-core (2.10.1)
    rspec-expectations (2.10.0)
      diff-lcs (~> 1.1.3)
    rspec-mocks (2.10.1)
    sass (3.2.1)
    shotgun (0.9)
      rack (>= 1.0)
    sinatra (1.1.0)
      rack (~> 1.1)
      tilt (~> 1.1)
    thin (1.2.7)
      daemons (>= 1.0.9)
      eventmachine (>= 0.12.6)
      rack (>= 1.0.0)
    thor (0.14.6)
    tilt (1.3.3)

PLATFORMS
  ruby

DEPENDENCIES
  coffee-script (= 2.2.0)
  growl
  guard
  guard-rspec
  haml (= 3.1.6)
  json (= 1.7.5)
  rake
  rspec
  sass (= 3.2.1)
  shotgun
  sinatra (= 1.1.0)
  thin (= 1.2.7)
